GEM
  remote: https://rubygems.org/
 =begin
 
=end
RUBY VERSION
   ruby 2.3.3p222

BUNDLED WITH
   1.16.1
